GEM
  remote: https://rubygems.org/
  specs:
    actionmailer (3.2.14)
      actionpack (= 3.2.14)
      mail (~> 2.5.4)
    actionpack (3.2.14)
      activemodel (= 3.2.14)
      activesupport (= 3.2.14)
      builder (~> 3.0.0)
      erubis (~> 2.7.0)
      journey (~> 1.0.4)
      rack (~> 1.4.5)
      rack-cache (~> 1.2)
      rack-test (~> 0.6.1)
      sprockets (~> 2.2.1)
    active_hash (1.0.1)
      activesupport (>= 2.2.2)
    active_model_serializers (0.6.0)
      activemodel (>= 3.0)
    activemodel (3.2.14)
      activesupport (= 3.2.14)
      builder (~> 3.0.0)
    activerecord (3.2.14)
      activemodel (= 3.2.14)
      activesupport (= 3.2.14)
      arel (~> 3.0.2)
      tzinfo (~> 0.3.29)
    activeresource (3.2.14)
      activemodel (= 3.2.14)
      activesupport (= 3.2.14)
    activesupport (3.2.14)
      i18n (~> 0.6, >= 0.6.4)
      multi_json (~> 1.0)
    acts_as_paranoid (0.4.2)
      activerecord (~> 3.2)
    addressable (2.3.5)
    ancestry (2.0.0)
      activerecord (>= 3.0.0)
    arel (3.0.2)
    asset_sync (0.5.4)
      activemodel
      fog
    auto_html (1.6.0)
      redcarpet (~> 2.0)
      rinku (~> 1.5.0)
    awesome_print (1.1.0)
    aws-sdk (1.8.5)
      json (~> 1.4)
      nokogiri (>= 1.4.4)
      uuidtools (~> 2.1)
    bcrypt-ruby (3.1.1)
    better_errors (0.9.0)
      coderay (>= 1.0.0)
      erubis (>= 2.6.6)
    binding_of_caller (0.7.2)
      debug_inspector (>= 0.0.1)
    builder (3.0.4)
    bust_rails_etags (0.0.5)
    cancan (1.6.10)
    chunky_png (1.2.8)
    climate_control (0.0.3)
      activesupport (>= 3.0)
    cocaine (0.5.1)
      climate_control (>= 0.0.3, < 1.0)
    coderay (1.0.9)
    coffee-rails (3.2.2)
      coffee-script (>= 2.2.0)
      railties (~> 3.2.0)
    coffee-script (2.2.0)
      coffee-script-source
      execjs
    coffee-script-source (1.6.3)
    columnize (0.3.6)
    compass (0.12.2)
      chunky_png (~> 1.2)
      fssm (>= 0.2.7)
      sass (~> 3.1)
    compass-inuit (5.0.1)
      compass (>= 0.12.2)
    compass-rails (1.0.3)
      compass (>= 0.12.2, < 0.14)
    css_parser (1.3.4)
      addressable
    daemons (1.1.9)
    dalli (2.6.4)
    debug_inspector (0.0.2)
    debugger (1.6.1)
      columnize (>= 0.3.1)
      debugger-linecache (~> 1.2.0)
      debugger-ruby_core_source (~> 1.2.3)
    debugger-linecache (1.2.0)
    debugger-ruby_core_source (1.2.3)
    delayed_job (3.0.5)
      activesupport (~> 3.0)
    delayed_job_active_record (0.4.4)
      activerecord (>= 2.1.0, < 4)
      delayed_job (~> 3.0)
    delocalize (0.3.1)
      rails (>= 3.0)
    devise (2.2.5)
      bcrypt-ruby (~> 3.0)
      orm_adapter (~> 0.1)
      railties (~> 3.1)
      warden (~> 1.2.1)
    devise_invitable (1.1.8)
      actionmailer (~> 3.0)
      devise (>= 2.1.2)
      railties (~> 3.0)
    diff-lcs (1.2.4)
    erubis (2.7.0)
    excon (0.25.3)
    execjs (1.4.0)
      multi_json (~> 1.0)
    factory_girl (4.2.0)
      activesupport (>= 3.0.0)
    factory_girl_rails (4.2.1)
      factory_girl (~> 4.2.0)
      railties (>= 3.0.0)
    faraday (0.8.8)
      multipart-post (~> 1.2.0)
    fattr (2.2.1)
    fog (1.14.0)
      builder
      excon (~> 0.25.0)
      formatador (~> 0.2.0)
      mime-types
      multi_json (~> 1.0)
      net-scp (~> 1.1)
      net-ssh (>= 2.1.3)
      nokogiri (~> 1.5)
      ruby-hmac
    font-awesome-rails (3.2.1.3)
      railties (>= 3.2, < 5.0)
    forgery (0.5.0)
    formatador (0.2.4)
    friendly_id (4.0.9)
    fssm (0.2.10)
    geocoder (1.1.8)
    gibbon (0.4.6)
      httparty
      multi_json (>= 1.3.4)
    gmaps4rails (1.5.6)
    gravatar_image_tag (1.1.3)
    haml (3.1.8)
    has_scope (0.5.1)
    hashie (2.0.5)
    heroku-api (0.3.14)
      excon (~> 0.25.1)
    highline (1.6.19)
    hike (1.2.3)
    hirefire-resource (0.1.3)
    httparty (0.11.0)
      multi_json (~> 1.0)
      multi_xml (>= 0.5.2)
    httpauth (0.2.0)
    i18n (0.6.5)
    inherited_resources (1.3.1)
      has_scope (~> 0.5.0)
      responders (~> 0.6)
    journey (1.0.4)
    jquery-rails (3.0.4)
      railties (>= 3.0, < 5.0)
      thor (>= 0.14, < 2.0)
    json (1.8.0)
    jwt (0.1.8)
      multi_json (>= 1.5)
    kaminari (0.14.1)
      actionpack (>= 3.0.0)
      activesupport (>= 3.0.0)
    kgio (2.8.0)
    mail (2.5.4)
      mime-types (~> 1.16)
      treetop (~> 1.4.8)
    memcachier (0.0.2)
    meta_request (0.2.1)
      rack-contrib
      rails
    mime-types (1.24)
    mini_portile (0.5.1)
    multi_json (1.7.9)
    multi_xml (0.5.4)
    multipart-post (1.2.0)
    net-scp (1.1.2)
      net-ssh (>= 2.6.5)
    net-ssh (2.6.8)
    newrelic_rpm (3.6.6.147)
    nokogiri (1.6.0)
      mini_portile (~> 0.5.0)
    oauth2 (0.8.1)
      faraday (~> 0.8)
      httpauth (~> 0.1)
      jwt (~> 0.1.4)
      multi_json (~> 1.0)
      rack (~> 1.2)
    omniauth (1.1.4)
      hashie (>= 1.2, < 3)
      rack
    omniauth-facebook (1.4.1)
      omniauth-oauth2 (~> 1.1.0)
    omniauth-oauth2 (1.1.1)
      oauth2 (~> 0.8.0)
      omniauth (~> 1.0)
    omnicontacts (0.3.4)
      json
      rack
    options (2.3.0)
      fattr
    orm_adapter (0.4.0)
    paperclip (3.5.1)
      activemodel (>= 3.0.0)
      activesupport (>= 3.0.0)
      cocaine (~> 0.5.0)
      mime-types
    pg (0.16.0)
    polyamorous (0.5.0)
      activerecord (~> 3.0)
    polyglot (0.3.3)
    pr_geohash (1.0.0)
    progress_bar (1.0.0)
      highline (~> 1.6.1)
      options (~> 2.3.0)
    rack (1.4.5)
    rack-cache (1.2)
      rack (>= 0.4)
    rack-contrib (1.1.0)
      rack (>= 0.9.1)
    rack-cors (0.2.8)
      rack
    rack-reverse-proxy (0.4.4)
      rack (>= 1.0.0)
    rack-ssl (1.3.3)
      rack
    rack-test (0.6.2)
      rack (>= 1.0)
    rails (3.2.14)
      actionmailer (= 3.2.14)
      actionpack (= 3.2.14)
      activerecord (= 3.2.14)
      activeresource (= 3.2.14)
      activesupport (= 3.2.14)
      bundler (~> 1.0)
      railties (= 3.2.14)
    rails_12factor (0.0.2)
      rails_serve_static_assets
      rails_stdout_logging
    rails_serve_static_assets (0.0.1)
    rails_stdout_logging (0.0.2)
    railties (3.2.14)
      actionpack (= 3.2.14)
      activesupport (= 3.2.14)
      rack-ssl (~> 1.3.2)
      rake (>= 0.8.7)
      rdoc (~> 3.4)
      thor (>= 0.14.6, < 2.0)
    raindrops (0.11.0)
    rake (10.1.0)
    rdoc (3.12.2)
      json (~> 1.4)
    recaptcha (0.3.5)
    redcarpet (2.3.0)
    responders (0.9.3)
      railties (~> 3.1)
    rinku (1.5.1)
    roadie (2.4.1)
      actionmailer (> 3.0.0, < 5.0.0)
      css_parser (~> 1.3.4)
      nokogiri (> 1.5.0, < 1.7.0)
      sprockets
    rsolr (1.0.9)
      builder (>= 2.1.2)
    rspec-core (2.13.1)
    rspec-expectations (2.13.0)
      diff-lcs (>= 1.1.3, < 2.0)
    rspec-instafail (0.2.4)
    rspec-mocks (2.13.1)
    rspec-rails (2.13.2)
      actionpack (>= 3.0)
      activesupport (>= 3.0)
      railties (>= 3.0)
      rspec-core (~> 2.13.0)
      rspec-expectations (~> 2.13.0)
      rspec-mocks (~> 2.13.0)
    ruby-hmac (0.4.0)
    sass (3.2.10)
    sass-rails (3.2.6)
      railties (~> 3.2.0)
      sass (>= 3.1.10)
      tilt (~> 1.3)
    simple_form (2.0.4)
      actionpack (~> 3.0)
      activemodel (~> 3.0)
    simplecov (0.7.1)
      multi_json (~> 1.0)
      simplecov-html (~> 0.7.1)
    simplecov-html (0.7.1)
    sitemap_generator (3.4)
      builder
    sprockets (2.2.2)
      hike (~> 1.2)
      multi_json (~> 1.0)
      rack (~> 1.0)
      tilt (~> 1.1, != 1.3.0)
    squeel (1.0.18)
      activerecord (~> 3.0)
      activesupport (~> 3.0)
      polyamorous (~> 0.5.0)
    sunspot (2.0.0)
      pr_geohash (~> 1.0)
      rsolr (~> 1.0.7)
    sunspot-rails-tester (1.0.0)
      sunspot_rails (>= 1.2)
      sunspot_solr (>= 1.2)
    sunspot_rails (2.0.0)
      nokogiri
      sunspot (= 2.0.0)
    sunspot_solr (2.0.0)
    thor (0.18.1)
    tilt (1.4.1)
    treetop (1.4.14)
      polyglot
      polyglot (>= 0.3.1)
    tzinfo (0.3.37)
    uglifier (2.1.2)
      execjs (>= 0.3.0)
      multi_json (~> 1.0, >= 1.0.2)
    unicorn (4.6.3)
      kgio (~> 2.6)
      rack
      raindrops (~> 0.7)
    uuidtools (2.1.4)
    warden (1.2.3)
      rack (>= 1.0)
    zeroclipboard-rails (0.0.4)
      railties (>= 3.1)

PLATFORMS
  ruby

DEPENDENCIES
  active_hash (~> 1.0.0)
  active_model_serializers (~> 0.6.0)
  acts_as_paranoid (~> 0.4.0)
  ancestry (~> 2.0.0)
  asset_sync (~> 0.5.4)
  auto_html (~> 1.6.0)
  awesome_print
  aws-sdk (~> 1.8.0)
  better_errors
  binding_of_caller
  bust_rails_etags
  cancan (~> 1.6.9)
  coffee-rails (~> 3.2.1)
  compass (~> 0.12.2)
  compass-inuit (~> 5.0.1)
  compass-rails (~> 1.0.3)
  daemons
  dalli
  debugger
  delayed_job_active_record (~> 0.4.4)
  delocalize (~> 0.3.1)
  devise (~> 2.2.3)
  devise_invitable (~> 1.1.5)
  execjs
  factory_girl_rails (~> 4.2.1)
  font-awesome-rails (~> 3.2.1.3)
  forgery (~> 0.5.0)
  friendly_id (~> 4.0.9)
  geocoder (~> 1.1.6)
  gibbon (~> 0.4.6)
  gmaps4rails (~> 1.5.6)
  gravatar_image_tag (~> 1.1.3)
  haml (~> 3.1.7)
  heroku-api (~> 0.3.9)
  hirefire-resource
  inherited_resources (~> 1.3.1)
  jquery-rails (~> 3.0.4)
  kaminari (~> 0.14.1)
  memcachier
  meta_request (= 0.2.1)
  newrelic_rpm (~> 3.6.6.147)
  omniauth-facebook (~> 1.4.0)
  omnicontacts (~> 0.3.4)
  paperclip (~> 3.5.1)
  pg
  progress_bar
  rack-cors
  rack-reverse-proxy
  rails (= 3.2.14)
  rails_12factor
  recaptcha
  roadie (~> 2.4.1)
  rspec-instafail (~> 0.2.4)
  rspec-rails (~> 2.13.2)
  sass-rails (~> 3.2.4)
  simple_form (~> 2.0.4)
  simplecov (~> 0.7.1)
  sitemap_generator (~> 3.4)
  squeel (~> 1.0.14)
  sunspot (~> 2.0.0)
  sunspot-rails-tester (~> 1.0.0)
  sunspot_rails (~> 2.0.0)
  sunspot_solr (~> 2.0.0)
  uglifier (>= 1.0.3)
  unicorn
  zeroclipboard-rails
