GIT
  remote: git://github.com/nim1989/fontcustom.git
  revision: a5e5846b428bf0f07c55ab77191fd1ed37f4519e
  specs:
    fontcustom (1.3.8)
      json (~> 1.4)
      listen (>= 1.0, < 3.0)
      thor (~> 0.14)

GIT
  remote: git://github.com/rails/activerecord-session_store.git
  revision: 2d9517d0f26281e76e80e63ca202fb7dafbe27cb
  specs:
    activerecord-session_store (0.1.1)
      actionpack (>= 4.0.0, < 5)
      activerecord (>= 4.0.0, < 5)
      railties (>= 4.0.0, < 5)

GIT
  remote: git://github.com/thedarkone/rails-dev-boost.git
  revision: 15ebc37b3f1b424ce7f5a160d2a8f890023208e6
  specs:
    rails-dev-boost (0.3.0)
      railties (>= 3.0)

GIT
  remote: git://github.com/wanelo/stripe-ruby-mock.git
  revision: 5ec5dda994975a95653ce9f0a15f7f3316a185d8
  ref: 5ec5dda994975a95653ce9f0a15f7f3316a185d8
  specs:
    stripe-ruby-mock (2.1.1)
      dante (>= 0.2.0)
      jimson-temp
      stripe (= 1.20.1)

GEM
  remote: https://rubygems.org/
  specs:
    CFPropertyList (2.3.1)
    actionmailer (4.1.8)
      actionpack (= 4.1.8)
      actionview (= 4.1.8)
      mail (~> 2.5, >= 2.5.4)
    actionpack (4.1.8)
      actionview (= 4.1.8)
      activesupport (= 4.1.8)
      rack (~> 1.5.2)
      rack-test (~> 0.6.2)
    actionpack-action_caching (1.1.1)
      actionpack (>= 4.0.0, < 5.0)
    actionpack-page_caching (1.0.2)
      actionpack (>= 4.0.0, < 5)
    actionview (4.1.8)
      activesupport (= 4.1.8)
      builder (~> 3.1)
      erubis (~> 2.7.0)
    active_hash (1.4.0)
      activesupport (>= 2.2.2)
    active_model_serializers (0.8.3)
      activemodel (>= 3.0)
    activemodel (4.1.8)
      activesupport (= 4.1.8)
      builder (~> 3.1)
    activerecord (4.1.8)
      activemodel (= 4.1.8)
      activesupport (= 4.1.8)
      arel (~> 5.0.0)
    activeresource (4.0.0)
      activemodel (~> 4.0)
      activesupport (~> 4.0)
      rails-observers (~> 0.1.1)
    activesupport (4.1.8)
      i18n (~> 0.6, >= 0.6.9)
      json (~> 1.7, >= 1.7.7)
      minitest (~> 5.1)
      thread_safe (~> 0.1)
      tzinfo (~> 1.1)
    activesupport-json_encoder (1.1.0)
      activesupport (>= 4.1.0, < 5.0)
    acts-as-taggable-on (3.5.0)
      activerecord (>= 3.2, < 5)
    addressable (2.3.8)
    algoliasearch (1.6.1)
      httpclient (~> 2.4)
      json (>= 1.5.1)
    algoliasearch-rails (1.14.1)
      algoliasearch (>= 1.2.14)
      json (>= 1.5.1)
    ancestry (2.1.0)
      activerecord (>= 3.0.0)
    ar_transaction_changes (1.0.1)
      activerecord (>= 3.0, < 5.0)
    arel (5.0.1.20140414130214)
    asset_sync (1.1.0)
      activemodel
      fog (>= 1.8.0)
      unf
    ast (2.0.0)
    attr_required (1.0.0)
    auto_html (1.6.4)
      redcarpet (~> 3.1)
      rinku (~> 1.5.0)
    autoparse (0.3.3)
      addressable (>= 2.3.1)
      extlib (>= 0.9.15)
      multi_json (>= 1.0.0)
    autoprefixer-rails (5.2.1.3)
      execjs
      json
    awesome_print (1.6.1)
    aws-sdk (1.36.2)
      json (~> 1.4)
      nokogiri (>= 1.4.4)
      uuidtools (~> 2.1)
    aws_cf_signer (0.1.3)
    axiom-types (0.1.1)
      descendants_tracker (~> 0.0.4)
      ice_nine (~> 0.11.0)
      thread_safe (~> 0.3, >= 0.3.1)
    axlsx (2.0.1)
      htmlentities (~> 4.3.1)
      nokogiri (>= 1.4.1)
      rubyzip (~> 1.0.0)
    bcrypt (3.1.10)
    better_errors (2.1.1)
      coderay (>= 1.0.0)
      erubis (>= 2.6.6)
      rack (>= 0.9.0)
    binding_of_caller (0.7.2)
      debug_inspector (>= 0.0.1)
    bitly (0.10.4)
      httparty (>= 0.7.6)
      multi_json (~> 1.3)
      oauth2 (>= 0.5.0, < 2.0)
    blankslate (3.1.3)
    brakeman (2.3.1)
      erubis (~> 2.6)
      fastercsv (~> 1.5)
      haml (>= 3.0, < 5.0)
      highline (~> 1.6.20)
      multi_json (~> 1.2)
      ruby2ruby (~> 2.0.5)
      ruby_parser (~> 3.2.2)
      sass (~> 3.0)
      slim (>= 1.3.6, < 3.0)
      terminal-table (~> 1.4)
    browserify-rails (1.0.1)
      railties (>= 4.0.0, < 5.0)
    bugsnag (2.8.5)
      multi_json (~> 1.0)
    builder (3.2.2)
    bullet (4.14.5)
      activesupport (>= 3.0.0)
      uniform_notifier (~> 1.9.0)
    bust_rails_etags (0.0.5)
    byebug (4.0.5)
      columnize (= 0.9.0)
    callsite (0.0.11)
    cancancan (1.10.1)
    capybara (2.2.1)
      mime-types (>= 1.16)
      nokogiri (>= 1.3.3)
      rack (>= 1.0.0)
      rack-test (>= 0.5.4)
      xpath (~> 2.0)
    carrierwave (0.10.0)
      activemodel (>= 3.2.0)
      activesupport (>= 3.2.0)
      json (>= 1.7)
      mime-types (>= 1.16)
    celluloid (0.16.0)
      timers (~> 4.0.0)
    certified (1.0.0)
    chronic (0.10.2)
    chunky_png (1.3.4)
    cityhash (0.8.1)
    closeio (2.0.7)
      faraday
      faraday_middleware
      hashie
      json
    cloudinary (1.1.0)
      aws_cf_signer
      rest-client
    code_analyzer (0.4.5)
      sexp_processor
    coderay (1.1.0)
    coercible (1.0.0)
      descendants_tracker (~> 0.0.1)
    coffee-rails (4.1.0)
      coffee-script (>= 2.2.0)
      railties (>= 4.0.0, < 5.0)
    coffee-script (2.4.1)
      coffee-script-source
      execjs
    coffee-script-source (1.9.1.1)
    colored (1.2)
    columnize (0.9.0)
    compass (1.0.3)
      chunky_png (~> 1.2)
      compass-core (~> 1.0.2)
      compass-import-once (~> 1.0.5)
      rb-fsevent (>= 0.9.3)
      rb-inotify (>= 0.9)
      sass (>= 3.3.13, < 3.5)
    compass-core (1.0.3)
      multi_json (~> 1.0)
      sass (>= 3.3.0, < 3.5)
    compass-import-once (1.0.5)
      sass (>= 3.2, < 3.5)
    compass-inuit (5.0.2)
      compass (>= 0.12.2)
    compass-rails (2.0.4)
      compass (~> 1.0.0)
      sass-rails (<= 5.0.1)
      sprockets (< 2.13)
    connection_pool (2.2.0)
    css_parser (1.3.6)
      addressable
    daemons (1.2.2)
    dalli (2.7.4)
    dante (0.2.0)
    database_cleaner (1.2.0)
    debug_inspector (0.0.2)
    delayed_job (4.0.6)
      activesupport (>= 3.0, < 5.0)
    delayed_job_active_record (4.0.3)
      activerecord (>= 3.0, < 5.0)
      delayed_job (>= 3.0, < 4.1)
    delorean (2.1.0)
      chronic
    descendants_tracker (0.0.4)
      thread_safe (~> 0.3, >= 0.3.1)
    devise (3.5.1)
      bcrypt (~> 3.0)
      orm_adapter (~> 0.1)
      railties (>= 3.2.6, < 5)
      responders
      thread_safe (~> 0.1)
      warden (~> 1.2.3)
    diff-lcs (1.2.5)
    docile (1.1.5)
    domain_name (0.5.24)
      unf (>= 0.0.5, < 1.0.0)
    dotenv (2.0.1)
    dotenv-rails (2.0.1)
      dotenv (= 2.0.1)
    draper (1.4.0)
      actionpack (>= 3.0)
      activemodel (>= 3.0)
      activesupport (>= 3.0)
      request_store (~> 1.0)
    equalizer (0.0.11)
    erubis (2.7.0)
    excon (0.45.3)
    execjs (2.5.2)
    exifr (1.2.1)
    extlib (0.9.16)
    factory_girl (4.5.0)
      activesupport (>= 3.0.0)
    factory_girl_rails (4.5.0)
      factory_girl (~> 4.5.0)
      railties (>= 3.0.0)
    faker (1.4.3)
      i18n (~> 0.5)
    faraday (0.9.1)
      multipart-post (>= 1.2, < 3)
    faraday_middleware (0.9.1)
      faraday (>= 0.7.4, < 0.10)
    fastercsv (1.5.5)
    fb_graph (2.7.17)
      httpclient (>= 2.4)
      multi_json (>= 1.3)
      rack-oauth2 (>= 0.14.4)
      tzinfo
    ffi (1.9.10)
    filepicker-rails (1.3.0)
      rails (>= 3.2)
    fission (0.5.0)
      CFPropertyList (~> 2.2)
    fog (1.29.0)
      fog-atmos
      fog-aws (~> 0.0)
      fog-brightbox (~> 0.4)
      fog-core (~> 1.27, >= 1.27.4)
      fog-ecloud
      fog-json
      fog-local
      fog-powerdns (>= 0.1.1)
      fog-profitbricks
      fog-radosgw (>= 0.0.2)
      fog-riakcs
      fog-sakuracloud (>= 0.0.4)
      fog-serverlove
      fog-softlayer
      fog-storm_on_demand
      fog-terremark
      fog-vmfusion
      fog-voxel
      fog-xml (~> 0.1.1)
      ipaddress (~> 0.5)
      nokogiri (~> 1.5, >= 1.5.11)
    fog-atmos (0.1.0)
      fog-core
      fog-xml
    fog-aws (0.1.2)
      fog-core (~> 1.27)
      fog-json (~> 1.0)
      fog-xml (~> 0.1)
      ipaddress (~> 0.8)
    fog-brightbox (0.7.1)
      fog-core (~> 1.22)
      fog-json
      inflecto (~> 0.0.2)
    fog-core (1.30.0)
      builder
      excon (~> 0.45)
      formatador (~> 0.2)
      mime-types
      net-scp (~> 1.1)
      net-ssh (>= 2.1.3)
    fog-ecloud (0.1.1)
      fog-core
      fog-xml
    fog-json (1.0.1)
      fog-core (~> 1.0)
      multi_json (~> 1.0)
    fog-local (0.2.1)
      fog-core (~> 1.27)
    fog-powerdns (0.1.1)
      fog-core (~> 1.27)
      fog-json (~> 1.0)
      fog-xml (~> 0.1)
    fog-profitbricks (0.0.2)
      fog-core
      fog-xml
      nokogiri
    fog-radosgw (0.0.4)
      fog-core (>= 1.21.0)
      fog-json
      fog-xml (>= 0.0.1)
    fog-riakcs (0.1.0)
      fog-core
      fog-json
      fog-xml
    fog-sakuracloud (1.0.1)
      fog-core
      fog-json
    fog-serverlove (0.1.2)
      fog-core
      fog-json
    fog-softlayer (0.4.5)
      fog-core
      fog-json
    fog-storm_on_demand (0.1.1)
      fog-core
      fog-json
    fog-terremark (0.1.0)
      fog-core
      fog-xml
    fog-vmfusion (0.1.0)
      fission
      fog-core
    fog-voxel (0.1.0)
      fog-core
      fog-xml
    fog-xml (0.1.2)
      fog-core
      nokogiri (~> 1.5, >= 1.5.11)
    font-awesome-rails (4.3.0.0)
      railties (>= 3.2, < 5.0)
    foreigner (1.7.4)
      activerecord (>= 3.0.0)
    formatador (0.2.5)
    friendly_id (5.1.0)
      activerecord (>= 4.0.0)
    fspath (2.1.1)
    geocoder (1.2.9)
    gibbon (1.1.5)
      httparty
      multi_json (>= 1.9.0)
    google-api-client (0.8.6)
      activesupport (>= 3.2)
      addressable (~> 2.3)
      autoparse (~> 0.3)
      extlib (~> 0.9)
      faraday (~> 0.9)
      googleauth (~> 0.3)
      launchy (~> 2.4)
      multi_json (~> 1.10)
      retriable (~> 1.4)
      signet (~> 0.6)
    googleauth (0.4.1)
      faraday (~> 0.9)
      jwt (~> 1.4)
      logging (~> 2.0)
      memoist (~> 0.12)
      multi_json (= 1.11)
      signet (~> 0.6)
    griddler (1.1.0)
      htmlentities
      rails (>= 3.2.0)
    griddler-mandrill (1.0.2)
      griddler
    guard (2.12.5)
      formatador (>= 0.2.4)
      listen (~> 2.7)
      lumberjack (~> 1.0)
      nenv (~> 0.1)
      notiffany (~> 0.0)
      pry (>= 0.9.12)
      shellany (~> 0.0)
      thor (>= 0.18.1)
    guard-pow (2.0.0)
      guard (~> 2.0)
    haml (4.0.6)
      tilt
    handlebars (0.7.0)
      handlebars-source (~> 3.0.0)
      therubyracer (~> 0.12.1)
    handlebars-source (3.0.2)
    handlebars_assets (0.20.1)
      execjs (~> 2.0)
      multi_json (~> 1.0)
      sprockets (~> 2.0)
      tilt (~> 1.2)
    has_scope (0.6.0)
      actionpack (>= 3.2, < 5)
      activesupport (>= 3.2, < 5)
    hashie (3.4.1)
    heroku-api (0.3.23)
      excon (~> 0.44)
      multi_json (~> 1.8)
    heroku-deflater (0.5.3)
      rack (>= 1.4.5)
    highline (1.6.21)
    highrise (3.2.1)
      activeresource (>= 3.2.13)
    hike (1.2.3)
    hirefire-resource (0.3.5)
    hitimes (1.2.2)
    htmlcompressor (0.1.2)
    htmlentities (4.3.3)
    http-cookie (1.0.2)
      domain_name (~> 0.5)
    httparty (0.13.3)
      json (~> 1.8)
      multi_xml (>= 0.5.2)
    httpclient (2.6.0.1)
    i18n (0.7.0)
    i18n_alchemy (0.2.1)
      activesupport (>= 3.2.0, < 4.2)
      i18n (~> 0.6)
    ice_nine (0.11.1)
    identity_cache (0.2.3)
      activerecord (>= 3.2)
      ar_transaction_changes (~> 1.0)
    image_optim (0.20.2)
      exifr (~> 1.1, >= 1.1.3)
      fspath (~> 2.1)
      image_size (~> 1.3)
      in_threads (~> 1.3)
      progress (~> 3.0, >= 3.0.1)
    image_optim_pack (0.2.1.20150422)
      fspath (~> 2.1)
      image_optim (~> 0.19)
    image_size (1.4.1)
    in_threads (1.3.1)
    inflecto (0.0.2)
    inherited_resources (1.6.0)
      actionpack (>= 3.2, < 5)
      has_scope (~> 0.6.0.rc)
      railties (>= 3.2, < 5)
      responders
    intercom (3.0.2)
      json (~> 1.8)
    intercom-rails (0.2.28)
      activesupport (> 3.0)
    ipaddress (0.8.0)
    jimson-temp (0.9.5)
      blankslate (>= 3.1.2)
      multi_json (~> 1.0)
      rack (~> 1.4)
      rest-client (~> 1.0)
    jquery-rails (3.1.2)
      railties (>= 3.0, < 5.0)
      thor (>= 0.14, < 2.0)
    js-routes (1.0.1)
      railties (>= 3.2)
      sprockets-rails
    json (1.8.3)
    jwt (1.4.1)
    kaminari (0.16.3)
      actionpack (>= 3.0.0)
      activesupport (>= 3.0.0)
    launchy (2.4.3)
      addressable (~> 2.3)
    legato (0.4.0)
      multi_json
    libv8 (3.16.14.7)
    listen (2.10.1)
      celluloid (~> 0.16.0)
      rb-fsevent (>= 0.9.3)
      rb-inotify (>= 0.9)
    little-plugger (1.1.3)
    logging (2.0.0)
      little-plugger (~> 1.1)
      multi_json (~> 1.10)
    lograge (0.3.1)
      actionpack (>= 3)
      activesupport (>= 3)
      railties (>= 3)
    lumberjack (1.0.9)
    mail (2.6.3)
      mime-types (>= 1.16, < 3)
    mailboxer (0.12.5)
      carrierwave (>= 0.5.8)
      foreigner (>= 0.9.1)
      rails (>= 3.2.0)
    mandrill-api (1.0.53)
      excon (>= 0.16.0, < 1.0)
      json (>= 1.7.7, < 2.0)
    memcachier (0.0.2)
    memoist (0.12.0)
    meta_request (0.3.4)
      callsite (~> 0.0, >= 0.0.11)
      rack-contrib (~> 1.1)
      railties (>= 3.0.0, < 5.0.0)
    method_source (0.8.2)
    mime-types (2.4.3)
    mini_portile (0.6.2)
    minitest (5.6.0)
    mixpanel-ruby (2.0.1)
    multi_json (1.11.0)
    multi_xml (0.5.5)
    multipart-post (2.0.0)
    nenv (0.2.0)
    net-scp (1.2.1)
      net-ssh (>= 2.6.5)
    net-ssh (2.9.2)
    netrc (0.10.3)
    newrelic_rpm (3.10.0.279)
    nexmo (2.0.0)
    nokogiri (1.6.6.2)
      mini_portile (~> 0.6.0)
    notiffany (0.0.6)
      nenv (~> 0.1)
      shellany (~> 0.0)
    oauth2 (1.0.0)
      faraday (>= 0.8, < 0.10)
      jwt (~> 1.0)
      multi_json (~> 1.3)
      multi_xml (~> 0.5)
      rack (~> 1.2)
    omniauth (1.2.2)
      hashie (>= 1.2, < 4)
      rack (~> 1.0)
    omniauth-facebook (2.0.1)
      omniauth-oauth2 (~> 1.2)
    omniauth-oauth2 (1.3.0)
      oauth2 (~> 1.0)
      omniauth (~> 1.2)
    omnicontacts (0.3.5)
      json
      rack
    options (2.3.2)
    orm_adapter (0.5.0)
    paranoia (2.1.1)
      activerecord (~> 4.0)
    parser (2.1.9)
      ast (>= 1.1, < 3.0)
      slop (~> 3.4, >= 3.4.5)
    passenger (5.0.6)
      rack
      rake (>= 0.8.1)
    paypal-recurring (1.1.0)
    pg (0.18.1)
    powerpack (0.0.9)
    pr_geohash (1.0.0)
    prerender_rails (1.1.2)
      activesupport
      rack
    progress (3.1.0)
    progress_bar (1.0.3)
      highline (~> 1.6.1)
      options (~> 2.3.0)
    protected_attributes (1.0.9)
      activemodel (>= 4.0.1, < 5.0)
    pry (0.10.1)
      coderay (~> 1.1.0)
      method_source (~> 0.8.1)
      slop (~> 3.4)
    pry-rails (0.3.4)
      pry (>= 0.9.10)
    quiet_assets (1.0.3)
      railties (>= 3.1, < 5.0)
    rack (1.5.2)
    rack-attack (4.2.0)
      rack
    rack-canonical-host (0.1.0)
      addressable
      rack (~> 1.0)
    rack-contrib (1.2.0)
      rack (>= 0.9.1)
    rack-cors (0.3.1)
    rack-oauth2 (1.1.1)
      activesupport (>= 2.3)
      attr_required (>= 0.0.5)
      httpclient (>= 2.4)
      multi_json (>= 1.3.6)
      rack (>= 1.1)
    rack-reverse-proxy (0.4.4)
      rack (>= 1.0.0)
    rack-ssl-enforcer (0.2.8)
    rack-test (0.6.3)
      rack (>= 1.0)
    rack-timeout (0.2.4)
    rack-utf8_sanitizer (1.3.0)
      rack (~> 1.0)
    rails (4.1.8)
      actionmailer (= 4.1.8)
      actionpack (= 4.1.8)
      actionview (= 4.1.8)
      activemodel (= 4.1.8)
      activerecord (= 4.1.8)
      activesupport (= 4.1.8)
      bundler (>= 1.3.0, < 2.0)
      railties (= 4.1.8)
      sprockets-rails (~> 2.0)
    rails-observers (0.1.2)
      activemodel (~> 4.0)
    rails_12factor (0.0.3)
      rails_serve_static_assets
      rails_stdout_logging
    rails_best_practices (1.15.7)
      activesupport
      code_analyzer (>= 0.4.3)
      colored
      erubis
      i18n
      json
      require_all
      ruby-progressbar
    rails_serve_static_assets (0.0.4)
    rails_stdout_logging (0.0.3)
    railties (4.1.8)
      actionpack (= 4.1.8)
      activesupport (= 4.1.8)
      rake (>= 0.8.7)
      thor (>= 0.18.1, < 2.0)
    rainbow (2.0.0)
    rake (10.4.2)
    rb-fsevent (0.9.5)
    rb-inotify (0.9.5)
      ffi (>= 0.5.0)
    react-rails (1.0.0)
      coffee-script-source (~> 1.8)
      connection_pool
      execjs
      rails (>= 3.1)
      react-source (~> 0.13)
    react-source (0.13.3)
    redcarpet (3.2.3)
    ref (1.0.5)
    request_store (1.1.0)
    require_all (1.3.2)
    responders (1.1.2)
      railties (>= 3.2, < 4.2)
    rest-client (1.8.0)
      http-cookie (>= 1.0.2, < 2.0)
      mime-types (>= 1.16, < 3.0)
      netrc (~> 0.7)
    retriable (1.4.1)
    rinku (1.5.1)
    rmagick (2.13.4)
    roadie (3.0.5)
      css_parser (~> 1.3.4)
      nokogiri (~> 1.6.0)
    roadie-rails (1.0.6)
      railties (>= 3.0, < 4.3)
      roadie (~> 3.0)
    roo (1.13.2)
      nokogiri
      rubyzip
      spreadsheet (> 0.6.4)
    rsolr (1.0.12)
      builder (>= 2.1.2)
    rspec (3.2.0)
      rspec-core (~> 3.2.0)
      rspec-expectations (~> 3.2.0)
      rspec-mocks (~> 3.2.0)
    rspec-core (3.2.3)
      rspec-support (~> 3.2.0)
    rspec-expectations (3.2.1)
      diff-lcs (>= 1.2.0, < 2.0)
      rspec-support (~> 3.2.0)
    rspec-instafail (0.2.6)
      rspec
    rspec-mocks (3.2.1)
      diff-lcs (>= 1.2.0, < 2.0)
      rspec-support (~> 3.2.0)
    rspec-rails (3.2.1)
      actionpack (>= 3.0, < 4.3)
      activesupport (>= 3.0, < 4.3)
      railties (>= 3.0, < 4.3)
      rspec-core (~> 3.2.0)
      rspec-expectations (~> 3.2.0)
      rspec-mocks (~> 3.2.0)
      rspec-support (~> 3.2.0)
    rspec-support (3.2.2)
    rubocop (0.18.1)
      json (>= 1.7.7, < 2)
      parser (~> 2.1.3)
      powerpack (~> 0.0.6)
      rainbow (>= 1.99.1, < 3.0)
    ruby-ole (1.2.11.8)
    ruby-prof (0.15.7)
    ruby-progressbar (1.7.5)
    ruby2ruby (2.0.8)
      ruby_parser (~> 3.1)
      sexp_processor (~> 4.0)
    ruby_parser (3.2.2)
      sexp_processor (~> 4.1)
    rubyzip (1.0.0)
    sass (3.4.13)
    sass-rails (5.0.1)
      railties (>= 4.0.0, < 5.0)
      sass (~> 3.1)
      sprockets (>= 2.8, < 4.0)
      sprockets-rails (>= 2.0, < 4.0)
      tilt (~> 1.1)
    sexp_processor (4.5.0)
    shellany (0.0.1)
    shoulda-matchers (2.8.0)
      activesupport (>= 3.0.0)
    sht_rails (0.2.2)
      execjs (>= 0.3.0)
      handlebars (>= 0.4.0)
      rails (>= 3.1.0)
      sprockets (>= 2.0.3)
      tilt (>= 1.3.3)
    signet (0.6.0)
      addressable (~> 2.3)
      extlib (~> 0.9)
      faraday (~> 0.9)
      jwt (~> 1.0)
      multi_json (~> 1.10)
    simple_form (3.1.0)
      actionpack (~> 4.0)
      activemodel (~> 4.0)
    simplecov (0.9.2)
      docile (~> 1.1.0)
      multi_json (~> 1.0)
      simplecov-html (~> 0.9.0)
    simplecov-html (0.9.0)
    sitemap_generator (5.0.5)
      builder
    slim (2.1.0)
      temple (~> 0.6.9)
      tilt (>= 1.3.3, < 2.1)
    slop (3.6.0)
    spreadsheet (1.0.3)
      ruby-ole (>= 1.0)
    sprockets (2.12.3)
      hike (~> 1.2)
      multi_json (~> 1.0)
      rack (~> 1.0)
      tilt (~> 1.1, != 1.3.0)
    sprockets-rails (2.2.4)
      actionpack (>= 3.0)
      activesupport (>= 3.0)
      sprockets (>= 2.8, < 4.0)
    stripe (1.20.1)
      json (~> 1.8.1)
      mime-types (>= 1.25, < 3.0)
      rest-client (~> 1.4)
    sunspot (2.2.0)
      pr_geohash (~> 1.0)
      rsolr (~> 1.0.7)
    sunspot-rails-tester (1.0.0)
      sunspot_rails (>= 1.2)
      sunspot_solr (>= 1.2)
    sunspot_rails (2.2.0)
      nokogiri
      rails (>= 3)
      sunspot (= 2.2.0)
    sunspot_solr (2.2.0)
    temple (0.6.10)
    terminal-table (1.4.5)
    textacular (3.2.2)
      activerecord (>= 3.0, < 5.0)
    therubyracer (0.12.2)
      libv8 (~> 3.16.14.0)
      ref
    thor (0.19.1)
    thread_safe (0.3.5)
    tilt (1.4.1)
    timers (4.0.1)
      hitimes
    truncate_html (0.9.3)
    tzinfo (1.2.2)
      thread_safe (~> 0.1)
    uglifier (2.7.1)
      execjs (>= 0.3.0)
      json (>= 1.8.0)
    unf (0.1.4)
      unf_ext
    unf_ext (0.0.7.1)
    uniform_notifier (1.9.0)
    uuidtools (2.1.5)
    virtus (1.0.5)
      axiom-types (~> 0.1)
      coercible (~> 1.0)
      descendants_tracker (~> 0.0, >= 0.0.3)
      equalizer (~> 0.0, >= 0.0.9)
    warden (1.2.3)
      rack (>= 1.0)
    wicked_pdf (0.11.0)
      rails
    wkhtmltopdf-binary (0.9.9.3)
    xpath (2.0.0)
      nokogiri (~> 1.3)

PLATFORMS
  ruby

DEPENDENCIES
  actionpack-action_caching (~> 1.1.1)
  actionpack-page_caching (~> 1.0.2)
  active_hash (~> 1.4.0)
  active_model_serializers (= 0.8.3)
  activerecord-session_store!
  activesupport-json_encoder (~> 1.1.0)
  acts-as-taggable-on (~> 3.5.0)
  algoliasearch-rails (~> 1.14.1)
  ancestry (~> 2.1.0)
  asset_sync (~> 1.1.0)
  auto_html (~> 1.6.4)
  autoprefixer-rails (~> 5.2.1.3)
  awesome_print
  aws-sdk (~> 1.36.1)
  axlsx (~> 2.0.1)
  better_errors
  binding_of_caller
  bitly (~> 0.10.4)
  brakeman (~> 2.3.1)
  browserify-rails (~> 1.0.1)
  bugsnag (~> 2.8.1)
  bullet (~> 4.14.0)
  bust_rails_etags (~> 0.0.5)
  byebug
  cancancan (~> 1.10.1)
  capybara (~> 2.2.1)
  carrierwave (~> 0.10.0)
  certified (~> 1.0.0)
  cityhash (~> 0.8.1)
  closeio (~> 2.0.6)
  cloudinary (~> 1.1.0)
  coffee-rails (~> 4.1.0)
  compass (~> 1.0.3)
  compass-inuit (~> 5.0.2)
  compass-rails (~> 2.0.4)
  daemons (~> 1.2.1)
  dalli (~> 2.7.2)
  database_cleaner (~> 1.2.0)
  delayed_job (~> 4.0.6)
  delayed_job_active_record (~> 4.0.3)
  delorean
  devise (~> 3.5.1)
  dotenv-rails (~> 2.0.0)
  draper (~> 1.4.0)
  execjs (~> 2.5.2)
  factory_girl_rails (~> 4.5.0)
  faker (~> 1.4.3)
  fb_graph (~> 2.7.17)
  filepicker-rails (~> 1.3.0)
  font-awesome-rails (~> 4.3.0.0)
  fontcustom (~> 1.3.8)!
  friendly_id (~> 5.1.0)
  geocoder (~> 1.2.9)
  gibbon (~> 1.1.5)
  google-api-client (~> 0.8.2)
  griddler (~> 1.1.0)
  griddler-mandrill (~> 1.0.2)
  guard-pow
  haml (~> 4.0.6)
  handlebars_assets (~> 0.20.1)
  heroku-api (~> 0.3.22)
  heroku-deflater (~> 0.5.3)
  highrise
  hirefire-resource (~> 0.3.5)
  htmlcompressor (~> 0.1.2)
  i18n_alchemy (~> 0.2.1)
  identity_cache (~> 0.2.3)
  image_optim (~> 0.20.2)
  image_optim_pack (~> 0.2.1.20150310)
  inherited_resources (~> 1.6.0)
  intercom (~> 3.0.2)
  intercom-rails (~> 0.2.28)
  jquery-rails (~> 3.1.2)
  js-routes (~> 1.0.0)
  kaminari (~> 0.16.3)
  legato (~> 0.4.0)
  lograge (~> 0.3.1)
  mailboxer (~> 0.12.5)
  mandrill-api
  memcachier (~> 0.0.2)
  meta_request (~> 0.3.0)
  mixpanel-ruby (~> 2.0.1)
  newrelic_rpm (~> 3.10.0.279)
  nexmo (~> 2.0.0)
  omniauth (~> 1.2.2)
  omniauth-facebook (~> 2.0.1)
  omnicontacts (~> 0.3.5)
  paranoia (~> 2.1.0)
  passenger (~> 5.0.4)
  paypal-recurring (~> 1.1.0)
  pg (~> 0.18.1)
  prerender_rails (~> 1.1.2)
  progress_bar (~> 1.0.3)
  protected_attributes (~> 1.0.8)
  pry-rails
  quiet_assets (~> 1.0.3)
  rack-attack (~> 4.2.0)
  rack-canonical-host (~> 0.1.0)
  rack-cors (~> 0.3.1)
  rack-reverse-proxy (~> 0.4.4)
  rack-ssl-enforcer (~> 0.2.8)
  rack-timeout (~> 0.2.1)
  rack-utf8_sanitizer (~> 1.3.0)
  rails (= 4.1.8)
  rails-dev-boost!
  rails_12factor (~> 0.0.3)
  rails_best_practices
  react-rails (~> 1.0.0)
  rmagick (~> 2.13.4)
  roadie (~> 3.0.5)
  roadie-rails (~> 1.0.6)
  roo (~> 1.13.2)
  rspec (~> 3.2.0)
  rspec-core (~> 3.2.0)
  rspec-instafail (~> 0.2.6)
  rspec-rails (~> 3.2.1)
  rspec-support (~> 3.2.0)
  rubocop (~> 0.18.1)
  ruby-prof
  sass-rails (~> 5.0.1)
  shoulda-matchers (~> 2.8.0)
  sht_rails (~> 0.2.2)
  simple_form (~> 3.1.0)
  simplecov (~> 0.9.1)
  sitemap_generator (~> 5.0.5)
  stripe (~> 1.20.1)
  stripe-ruby-mock!
  sunspot (~> 2.2.0)
  sunspot-rails-tester (~> 1.0.0)
  sunspot_rails (~> 2.2.0)
  sunspot_solr (~> 2.2.0)
  textacular (~> 3.0)
  truncate_html (~> 0.9.3)
  uglifier (>= 2.7.1)
  virtus (~> 1.0.5)
  wicked_pdf (~> 0.11.0)
  wkhtmltopdf-binary (~> 0.9.9.3)

BUNDLED WITH
   1.10.6
